RESTRICTION: == net451
NUGET
  remote: https://www.nuget.org/api/v2
    Google.Protobuf (3.4)
    WebSocketSharp (1.0.3-rc11)

GROUP Build
NUGET
  remote: https://www.nuget.org/api/v2
    FAKE (4.63)
